GEM
  remote: https://rubygems.org/
  specs:
    byebug (11.1.3)
    coderay (1.1.3)
    method_source (1.0.0)
    minitest (5.14.3)
    pry (0.14.0)
      coderay (~> 1.1)
      method_source (~> 1.0)
    pry-byebug (3.8.0)
      byebug (~> 11.0)
      pry (~> 0.10)

PLATFORMS
  ruby

DEPENDENCIES
  minitest (~> 5.2)
  pry
  pry-byebug

BUNDLED WITH
   2.1.4
